GEM
  remote: https://rubygems.org/
  specs:
    code-formatter (1.1.6)
      thor (~> 0)
    thor (0.20.3)

PLATFORMS
  ruby

DEPENDENCIES
  code-formatter

BUNDLED WITH
   1.16.2
